PATH
  remote: .
  specs:
    gattica (0.6.2)
      hpricot

GEM
  remote: http://rubygems.org/
  specs:
    hpricot (0.8.6)
    test-unit (2.4.5)

PLATFORMS
  ruby

DEPENDENCIES
  bundler
  gattica!
  hpricot
  test-unit
